GEM
  remote: https://rubygems.org/
  specs:
    addressable (2.8.1)
      public_suffix (>= 2.0.2, < 6.0)
    colored (1.2)
    concurrent-ruby (1.1.10)
    cri (2.15.11)
    ddmetrics (1.0.1)
    ddplugin (1.0.3)
    diff-lcs (1.5.0)
    haml (6.0.1)
      temple (>= 0.8.2)
      thor
      tilt
    hamster (3.0.0)
      concurrent-ruby (~> 1.0)
    json_schema (0.21.0)
    memo_wise (1.7.0)
    nanoc (4.12.7)
      addressable (~> 2.5)
      colored (~> 1.2)
      nanoc-checking (~> 1.0, >= 1.0.2)
      nanoc-cli (= 4.12.7)
      nanoc-core (= 4.12.7)
      nanoc-deploying (~> 1.0)
      parallel (~> 1.12)
      tty-command (~> 0.8)
      tty-which (~> 0.4)
    nanoc-checking (1.0.2)
      nanoc-cli (~> 4.12, >= 4.12.4)
      nanoc-core (~> 4.12, >= 4.12.4)
    nanoc-cli (4.12.7)
      cri (~> 2.15)
      diff-lcs (~> 1.3)
      nanoc-core (= 4.12.7)
      zeitwerk (~> 2.1)
    nanoc-core (4.12.7)
      concurrent-ruby (~> 1.1)
      ddmetrics (~> 1.0)
      ddplugin (~> 1.0)
      hamster (~> 3.0)
      json_schema (~> 0.19)
      memo_wise (~> 1.5)
      psych (~> 4.0)
      slow_enumerator_tools (~> 1.0)
      tty-platform (~> 0.2)
      zeitwerk (~> 2.1)
    nanoc-deploying (1.0.2)
      nanoc-checking (~> 1.0)
      nanoc-cli (~> 4.11, >= 4.11.15)
      nanoc-core (~> 4.11, >= 4.11.15)
    parallel (1.22.1)
    pastel (0.8.0)
      tty-color (~> 0.5)
    psych (4.0.5)
      stringio
    public_suffix (5.0.0)
    slow_enumerator_tools (1.1.0)
    stringio (3.0.2)
    temple (0.8.2)
    thor (1.2.1)
    tilt (2.0.11)
    tty-color (0.6.0)
    tty-command (0.10.1)
      pastel (~> 0.8)
    tty-platform (0.3.0)
    tty-which (0.5.0)
    zeitwerk (2.6.0)

PLATFORMS
  x86_64-darwin-20

DEPENDENCIES
  haml
  nanoc (~> 4.12)

RUBY VERSION
   ruby 3.0.2p107

BUNDLED WITH
   2.3.22
